GEM
  remote: https://rubygems.org/
  specs:
    fssm (0.2.10)
    gem-release (0.7.3)
    sass (3.4.5)

PLATFORMS
  ruby

DEPENDENCIES
  fssm
  gem-release
  sass (= 3.4.5)
